GIT
  remote: git://github.com/abhishiv/portablecontacts.git
  revision: 2703c2d9aa21a2d1d841f37d55ac842f17c86d03
  specs:
    portablecontacts (0.1.0)
      json
      oauth (>= 0.3.6)

GIT
  remote: git://github.com/afeld/oauth-plugin.git
  revision: a573ea1b5fb5be777bd500e3e39b5b815cb7b18b
  specs:
    oauth-plugin (0.4.0.pre4)
      oauth (>= 0.4.4)

GIT
  remote: http://github.com/paneq/calendar_date_select.git
  revision: 8e7ec79435a68665df40b14bd90f47e6ac5e9135
  branch: rails3test
  specs:
    calendar_date_select (1.16.1)

GEM
  remote: http://rubygems.org/
  specs:
    abstract (1.0.0)
    actionmailer (3.0.3)
      actionpack (= 3.0.3)
      mail (~> 2.2.9)
    actionpack (3.0.3)
      activemodel (= 3.0.3)
      activesupport (= 3.0.3)
      builder (~> 2.1.2)
      erubis (~> 2.6.6)
      i18n (~> 0.4)
      rack (~> 1.2.1)
      rack-mount (~> 0.6.13)
      rack-test (~> 0.5.6)
      tzinfo (~> 0.3.23)
    activemodel (3.0.3)
      activesupport (= 3.0.3)
      builder (~> 2.1.2)
      i18n (~> 0.4)
    activerecord (3.0.3)
      activemodel (= 3.0.3)
      activesupport (= 3.0.3)
      arel (~> 2.0.2)
      tzinfo (~> 0.3.23)
    activeresource (3.0.3)
      activemodel (= 3.0.3)
      activesupport (= 3.0.3)
    activesupport (3.0.3)
    arel (2.0.8)
    bcrypt-ruby (2.1.4)
    builder (2.1.2)
    cancan (1.5.1)
    daemons (1.1.0)
    devise (1.1.5)
      bcrypt-ruby (~> 2.1.2)
      warden (~> 1.0.2)
    edave-gdata4ruby (0.2.0)
      oauth (>= 0.4.4)
    erubis (2.6.6)
      abstract (>= 1.0.0)
    exception_notification (2.4.0)
    htmlentities (4.2.4)
    i18n (0.5.0)
    i18n-js (1.0.0)
      i18n
    json (1.5.1)
    mail (2.2.15)
      activesupport (>= 2.3.6)
      i18n (>= 0.4.0)
      mime-types (~> 1.16)
      treetop (~> 1.4.8)
    mime-types (1.16)
    mysql (2.8.1)
    oauth (0.4.4)
    paperclip (2.3.8)
      activerecord
      activesupport
    parseexcel (0.5.2)
    polyglot (0.3.1)
    rack (1.2.1)
    rack-mount (0.6.13)
      rack (>= 1.0.0)
    rack-test (0.5.7)
      rack (>= 1.0)
    rails (3.0.3)
      actionmailer (= 3.0.3)
      actionpack (= 3.0.3)
      activerecord (= 3.0.3)
      activeresource (= 3.0.3)
      activesupport (= 3.0.3)
      bundler (~> 1.0)
      railties (= 3.0.3)
    railties (3.0.3)
      actionpack (= 3.0.3)
      activesupport (= 3.0.3)
      rake (>= 0.8.7)
      thor (~> 0.14.4)
    rake (0.8.7)
    ri_cal (0.8.8)
    ruby-prof (0.9.2)
    sqlite3 (1.3.3)
    sqlite3-ruby (1.3.3)
      sqlite3 (>= 1.3.3)
    thor (0.14.6)
    treetop (1.4.9)
      polyglot (>= 0.3.1)
    tzinfo (0.3.24)
    uuidtools (2.1.2)
    warden (1.0.3)
      rack (>= 1.0.0)

PLATFORMS
  ruby

DEPENDENCIES
  calendar_date_select!
  cancan (= 1.5.1)
  daemons (>= 1.1.0)
  devise (= 1.1.5)
  edave-gdata4ruby (= 0.2.0)
  exception_notification
  htmlentities
  i18n-js
  mysql
  oauth-plugin!
  paperclip (~> 2.3)
  parseexcel
  portablecontacts!
  rails (= 3.0.3)
  ri_cal
  ruby-prof
  sqlite3-ruby
  uuidtools
